GIT
  remote: https://github.com/gma/nesta-plugin-cache.git
  revision: b0f2441d41673d00a6ac4788653ba546b94c27fd
  specs:
    nesta-plugin-cache (0.0.1)
      nesta (>= 0.9.11)
      sinatra (>= 1.2)

GEM
  remote: http://rubygems.org/
  specs:
    RedCloth (4.2.9)
    addressable (2.2.6)
    em-websocket (0.3.6)
      addressable (>= 2.1.1)
      eventmachine (>= 0.12.9)
    eventmachine (0.12.10)
    ffi (1.0.11)
    guard (1.0.0)
      ffi (>= 0.5.0)
      thor (~> 0.14.6)
    guard-livereload (0.4.2)
      em-websocket (>= 0.2.0)
      guard (>= 0.10.0)
      multi_json (~> 1.0)
    haml (3.1.8)
    kgio (2.8.0)
    listen (0.6.0)
    maruku (0.7.1)
    mr-sparkle (0.0.2)
      listen (~> 0.6.0)
      rb-fsevent (~> 0.9.2)
      rb-inotify (~> 0.8.8)
      unicorn (~> 4.5.0)
    multi_json (1.1.0)
    nesta (0.10.0)
      RedCloth (~> 4.2)
      haml (~> 3.1)
      rack (~> 1.3)
      rdiscount (~> 2.1)
      sass (~> 3.1)
      sinatra (~> 1.4)
    rack (1.5.2)
    rack-force_domain (0.1.1)
    rack-protection (1.5.3)
      rack
    rack-rewrite (1.2.1)
    raindrops (0.10.0)
    rb-fsevent (0.9.3)
    rb-inotify (0.8.8)
      ffi (>= 0.5.0)
    rb-readline (0.4.2)
    rdiscount (2.1.7.1)
    sass (3.3.5)
    sinatra (1.4.5)
      rack (~> 1.4)
      rack-protection (~> 1.4)
      tilt (~> 1.3, >= 1.3.4)
    thor (0.14.6)
    tilt (1.4.1)
    unicorn (4.5.0)
      kgio (~> 2.6)
      rack
      raindrops (~> 0.7)

PLATFORMS
  ruby

DEPENDENCIES
  guard-livereload
  maruku
  mr-sparkle
  nesta (= 0.10.0)
  nesta-plugin-cache!
  rack-force_domain (= 0.1.1)
  rack-rewrite
  rb-readline
