GIT
  remote: https://github.com/gma/nesta.git
  revision: 470822f6cebb87c695ba8ee08c73fe5d23d85f00
  branch: static-site-generator
  specs:
    nesta (0.13.0)
      RedCloth (~> 4.2)
      haml (>= 3.1, < 6.0)
      haml-contrib (>= 1.0)
      rack (~> 2)
      rake
      rdiscount (~> 2.1)
      sass-embedded (~> 1.58)
      sinatra (~> 2.0)
      tilt (~> 2.0)

GEM
  remote: http://rubygems.org/
  specs:
    RedCloth (4.3.2)
    coderay (1.1.3)
    em-websocket (0.5.3)
      eventmachine (>= 0.12.9)
      http_parser.rb (~> 0)
    eventmachine (1.2.7)
    ffi (1.15.5)
    formatador (1.1.0)
    google-protobuf (3.22.2)
    guard (1.8.3)
      formatador (>= 0.2.4)
      listen (~> 1.3)
      lumberjack (>= 1.0.2)
      pry (>= 0.9.10)
      thor (>= 0.14.6)
    guard-livereload (1.0.0)
      em-websocket (>= 0.2.0)
      guard (>= 1.1.0)
      multi_json (~> 1.0)
    haml (5.2.2)
      temple (>= 0.8.0)
      tilt
    haml-contrib (1.0.0.1)
      haml (>= 3.2.0.alpha.13)
    http_parser.rb (0.8.0)
    kgio (2.11.4)
    listen (1.3.1)
      rb-fsevent (>= 0.9.3)
      rb-inotify (>= 0.9)
      rb-kqueue (>= 0.2)
    lumberjack (1.2.8)
    method_source (1.0.0)
    mr-sparkle (0.3.0)
      listen (~> 1.0)
      rb-fsevent (>= 0.9)
      rb-inotify (>= 0.8)
      unicorn (>= 4.5)
    multi_json (1.15.0)
    mustermann (2.0.2)
      ruby2_keywords (~> 0.0.1)
    nio4r (2.5.8)
    pry (0.14.2)
      coderay (~> 1.1)
      method_source (~> 1.0)
    puma (6.1.1)
      nio4r (~> 2.0)
    rack (2.2.6.4)
    rack-force_domain (0.1.1)
    rack-protection (2.2.4)
      rack
    rack-rewrite (1.5.1)
    raindrops (0.20.1)
    rake (13.0.6)
    rb-fsevent (0.11.2)
    rb-inotify (0.10.1)
      ffi (~> 1.0)
    rb-kqueue (0.2.8)
      ffi (>= 0.5.0)
    rb-readline (0.5.5)
    rdiscount (2.2.7)
    ruby2_keywords (0.0.5)
    sass-embedded (1.59.3)
      google-protobuf (~> 3.21)
      rake (>= 10.0.0)
    sinatra (2.2.4)
      mustermann (~> 2.0)
      rack (~> 2.2)
      rack-protection (= 2.2.4)
      tilt (~> 2.0)
    temple (0.10.0)
    thor (1.2.1)
    tilt (2.1.0)
    unicorn (6.1.0)
      kgio (~> 2.6)
      raindrops (~> 0.7)

PLATFORMS
  ruby

DEPENDENCIES
  guard-livereload (= 1.0.0)
  mr-sparkle
  nesta!
  puma
  rack-force_domain (= 0.1.1)
  rack-rewrite
  rb-readline

BUNDLED WITH
   2.3.7
